GEM
  remote: https://rubygems.org/
  specs:
    Ascii85 (1.0.3)
    actionmailer (4.1.16)
      actionpack (= 4.1.16)
      actionview (= 4.1.16)
      mail (~> 2.5, >= 2.5.4)
    actionpack (4.1.16)
      actionview (= 4.1.16)
      activesupport (= 4.1.16)
      rack (~> 1.5.2)
      rack-test (~> 0.6.2)
    actionview (4.1.16)
      activesupport (= 4.1.16)
      builder (~> 3.1)
      erubis (~> 2.7.0)
    activemodel (4.1.16)
      activesupport (= 4.1.16)
      builder (~> 3.1)
    activerecord (4.1.16)
      activemodel (= 4.1.16)
      activesupport (= 4.1.16)
      arel (~> 5.0.0)
    activesupport (4.1.16)
      i18n (~> 0.6, >= 0.6.9)
      json (~> 1.7, >= 1.7.7)
      minitest (~> 5.1)
      thread_safe (~> 0.1)
      tzinfo (~> 1.1)
    addressable (2.4.0)
    afm (0.2.2)
    airbrake (8.3.2)
      airbrake-ruby (~> 4.1)
    airbrake-ruby (4.2.1)
      rbtree3 (~> 0.5)
    arel (5.0.1.20140414130214)
    ast (2.4.0)
    aws-eventstream (1.0.2)
    aws-partitions (1.144.0)
    aws-sdk (3.0.1)
      aws-sdk-resources (~> 3)
    aws-sdk-acm (1.15.0)
      aws-sdk-core (~> 3, >= 3.47.0)
      aws-sigv4 (~> 1.1)
    aws-sdk-acmpca (1.10.0)
      aws-sdk-core (~> 3, >= 3.47.0)
      aws-sigv4 (~> 1.1)
    aws-sdk-alexaforbusiness (1.17.0)
      aws-sdk-core (~> 3, >= 3.47.0)
      aws-sigv4 (~> 1.1)
    aws-sdk-amplify (1.1.0)
      aws-sdk-core (~> 3, >= 3.47.0)
      aws-sigv4 (~> 1.1)
    aws-sdk-apigateway (1.24.0)
      aws-sdk-core (~> 3, >= 3.47.0)
      aws-sigv4 (~> 1.1)
    aws-sdk-apigatewaymanagementapi (1.1.0)
      aws-sdk-core (~> 3, >= 3.47.0)
      aws-sigv4 (~> 1.1)
    aws-sdk-apigatewayv2 (1.2.0)
      aws-sdk-core (~> 3, >= 3.47.0)
      aws-sigv4 (~> 1.1)
    aws-sdk-applicationautoscaling (1.20.0)
      aws-sdk-core (~> 3, >= 3.47.0)
      aws-sigv4 (~> 1.1)
    aws-sdk-applicationdiscoveryservice (1.12.0)
      aws-sdk-core (~> 3, >= 3.47.0)
      aws-sigv4 (~> 1.1)
    aws-sdk-appmesh (1.3.0)
      aws-sdk-core (~> 3, >= 3.47.0)
      aws-sigv4 (~> 1.1)
    aws-sdk-appstream (1.22.0)
      aws-sdk-core (~> 3, >= 3.47.0)
      aws-sigv4 (~> 1.1)
    aws-sdk-appsync (1.10.0)
      aws-sdk-core (~> 3, >= 3.47.0)
      aws-sigv4 (~> 1.1)
    aws-sdk-athena (1.10.0)
      aws-sdk-core (~> 3, >= 3.47.0)
      aws-sigv4 (~> 1.1)
    aws-sdk-autoscaling (1.16.0)
      aws-sdk-core (~> 3, >= 3.47.0)
      aws-sigv4 (~> 1.1)
    aws-sdk-autoscalingplans (1.10.0)
      aws-sdk-core (~> 3, >= 3.47.0)
      aws-sigv4 (~> 1.1)
    aws-sdk-backup (1.1.0)
      aws-sdk-core (~> 3, >= 3.47.0)
      aws-sigv4 (~> 1.1)
    aws-sdk-batch (1.13.0)
      aws-sdk-core (~> 3, >= 3.47.0)
      aws-sigv4 (~> 1.1)
    aws-sdk-budgets (1.16.0)
      aws-sdk-core (~> 3, >= 3.47.0)
      aws-sigv4 (~> 1.1)
    aws-sdk-chime (1.4.0)
      aws-sdk-core (~> 3, >= 3.47.0)
      aws-sigv4 (~> 1.1)
    aws-sdk-cloud9 (1.9.0)
      aws-sdk-core (~> 3, >= 3.47.0)
      aws-sigv4 (~> 1.1)
    aws-sdk-clouddirectory (1.12.0)
      aws-sdk-core (~> 3, >= 3.47.0)
      aws-sigv4 (~> 1.1)
    aws-sdk-cloudformation (1.15.0)
      aws-sdk-core (~> 3, >= 3.47.0)
      aws-sigv4 (~> 1.1)
    aws-sdk-cloudfront (1.12.0)
      aws-sdk-core (~> 3, >= 3.47.0)
      aws-sigv4 (~> 1.1)
    aws-sdk-cloudhsm (1.10.0)
      aws-sdk-core (~> 3, >= 3.47.0)
      aws-sigv4 (~> 1.1)
    aws-sdk-cloudhsmv2 (1.10.0)
      aws-sdk-core (~> 3, >= 3.47.0)
      aws-sigv4 (~> 1.1)
    aws-sdk-cloudsearch (1.7.0)
      aws-sdk-core (~> 3, >= 3.47.0)
      aws-sigv4 (~> 1.1)
    aws-sdk-cloudsearchdomain (1.7.0)
      aws-sdk-core (~> 3, >= 3.47.0)
      aws-sigv4 (~> 1.1)
    aws-sdk-cloudtrail (1.9.0)
      aws-sdk-core (~> 3, >= 3.47.0)
      aws-sigv4 (~> 1.1)
    aws-sdk-cloudwatch (1.15.0)
      aws-sdk-core (~> 3, >= 3.47.0)
      aws-sigv4 (~> 1.1)
    aws-sdk-cloudwatchevents (1.14.0)
      aws-sdk-core (~> 3, >= 3.47.0)
      aws-sigv4 (~> 1.1)
    aws-sdk-cloudwatchlogs (1.15.0)
      aws-sdk-core (~> 3, >= 3.47.0)
      aws-sigv4 (~> 1.1)
    aws-sdk-codebuild (1.30.0)
      aws-sdk-core (~> 3, >= 3.47.0)
      aws-sigv4 (~> 1.1)
    aws-sdk-codecommit (1.15.0)
      aws-sdk-core (~> 3, >= 3.47.0)
      aws-sigv4 (~> 1.1)
    aws-sdk-codedeploy (1.15.0)
      aws-sdk-core (~> 3, >= 3.47.0)
      aws-sigv4 (~> 1.1)
    aws-sdk-codepipeline (1.12.0)
      aws-sdk-core (~> 3, >= 3.47.0)
      aws-sigv4 (~> 1.1)
    aws-sdk-codestar (1.9.0)
      aws-sdk-core (~> 3, >= 3.47.0)
      aws-sigv4 (~> 1.1)
    aws-sdk-cognitoidentity (1.7.0)
      aws-sdk-core (~> 3, >= 3.47.0)
      aws-sigv4 (~> 1.1)
    aws-sdk-cognitoidentityprovider (1.13.0)
      aws-sdk-core (~> 3, >= 3.47.0)
      aws-sigv4 (~> 1.1)
    aws-sdk-cognitosync (1.7.0)
      aws-sdk-core (~> 3, >= 3.47.0)
      aws-sigv4 (~> 1.1)
    aws-sdk-comprehend (1.13.0)
      aws-sdk-core (~> 3, >= 3.47.0)
      aws-sigv4 (~> 1.1)
    aws-sdk-comprehendmedical (1.1.0)
      aws-sdk-core (~> 3, >= 3.47.0)
      aws-sigv4 (~> 1.1)
    aws-sdk-configservice (1.23.0)
      aws-sdk-core (~> 3, >= 3.47.0)
      aws-sigv4 (~> 1.1)
    aws-sdk-connect (1.11.0)
      aws-sdk-core (~> 3, >= 3.47.0)
      aws-sigv4 (~> 1.1)
    aws-sdk-core (3.47.0)
      aws-eventstream (~> 1.0, >= 1.0.2)
      aws-partitions (~> 1.0)
      aws-sigv4 (~> 1.1)
      http-2 (~> 0.10)
      jmespath (~> 1.0)
    aws-sdk-costandusagereportservice (1.8.0)
      aws-sdk-core (~> 3, >= 3.47.0)
      aws-sigv4 (~> 1.1)
    aws-sdk-costexplorer (1.19.0)
      aws-sdk-core (~> 3, >= 3.47.0)
      aws-sigv4 (~> 1.1)
    aws-sdk-databasemigrationservice (1.17.0)
      aws-sdk-core (~> 3, >= 3.47.0)
      aws-sigv4 (~> 1.1)
    aws-sdk-datapipeline (1.7.0)
      aws-sdk-core (~> 3, >= 3.47.0)
      aws-sigv4 (~> 1.1)
    aws-sdk-datasync (1.1.0)
      aws-sdk-core (~> 3, >= 3.47.0)
      aws-sigv4 (~> 1.1)
    aws-sdk-dax (1.9.0)
      aws-sdk-core (~> 3, >= 3.47.0)
      aws-sigv4 (~> 1.1)
    aws-sdk-devicefarm (1.17.0)
      aws-sdk-core (~> 3, >= 3.47.0)
      aws-sigv4 (~> 1.1)
    aws-sdk-directconnect (1.13.0)
      aws-sdk-core (~> 3, >= 3.47.0)
      aws-sigv4 (~> 1.1)
    aws-sdk-directoryservice (1.13.0)
      aws-sdk-core (~> 3, >= 3.47.0)
      aws-sigv4 (~> 1.1)
    aws-sdk-dlm (1.9.0)
      aws-sdk-core (~> 3, >= 3.47.0)
      aws-sigv4 (~> 1.1)
    aws-sdk-docdb (1.1.0)
      aws-sdk-core (~> 3, >= 3.47.0)
      aws-sigv4 (~> 1.1)
    aws-sdk-dynamodb (1.22.0)
      aws-sdk-core (~> 3, >= 3.47.0)
      aws-sigv4 (~> 1.1)
    aws-sdk-dynamodbstreams (1.7.0)
      aws-sdk-core (~> 3, >= 3.47.0)
      aws-sigv4 (~> 1.1)
    aws-sdk-ec2 (1.73.0)
      aws-sdk-core (~> 3, >= 3.47.0)
      aws-sigv4 (~> 1.1)
    aws-sdk-ecr (1.12.0)
      aws-sdk-core (~> 3, >= 3.47.0)
      aws-sigv4 (~> 1.1)
    aws-sdk-ecs (1.32.0)
      aws-sdk-core (~> 3, >= 3.47.0)
      aws-sigv4 (~> 1.1)
    aws-sdk-efs (1.11.0)
      aws-sdk-core (~> 3, >= 3.47.0)
      aws-sigv4 (~> 1.1)
    aws-sdk-eks (1.10.0)
      aws-sdk-core (~> 3, >= 3.47.0)
      aws-sigv4 (~> 1.1)
    aws-sdk-elasticache (1.11.0)
      aws-sdk-core (~> 3, >= 3.47.0)
      aws-sigv4 (~> 1.1)
    aws-sdk-elasticbeanstalk (1.17.0)
      aws-sdk-core (~> 3, >= 3.47.0)
      aws-sigv4 (~> 1.1)
    aws-sdk-elasticloadbalancing (1.9.0)
      aws-sdk-core (~> 3, >= 3.47.0)
      aws-sigv4 (~> 1.1)
    aws-sdk-elasticloadbalancingv2 (1.22.0)
      aws-sdk-core (~> 3, >= 3.47.0)
      aws-sigv4 (~> 1.1)
    aws-sdk-elasticsearchservice (1.17.0)
      aws-sdk-core (~> 3, >= 3.47.0)
      aws-sigv4 (~> 1.1)
    aws-sdk-elastictranscoder (1.8.0)
      aws-sdk-core (~> 3, >= 3.47.0)
      aws-sigv4 (~> 1.1)
    aws-sdk-emr (1.10.0)
      aws-sdk-core (~> 3, >= 3.47.0)
      aws-sigv4 (~> 1.1)
    aws-sdk-firehose (1.12.0)
      aws-sdk-core (~> 3, >= 3.47.0)
      aws-sigv4 (~> 1.1)
    aws-sdk-fms (1.9.0)
      aws-sdk-core (~> 3, >= 3.47.0)
      aws-sigv4 (~> 1.1)
    aws-sdk-fsx (1.2.0)
      aws-sdk-core (~> 3, >= 3.47.0)
      aws-sigv4 (~> 1.1)
    aws-sdk-gamelift (1.13.0)
      aws-sdk-core (~> 3, >= 3.47.0)
      aws-sigv4 (~> 1.1)
    aws-sdk-glacier (1.15.0)
      aws-sdk-core (~> 3, >= 3.47.0)
      aws-sigv4 (~> 1.1)
    aws-sdk-globalaccelerator (1.2.0)
      aws-sdk-core (~> 3, >= 3.47.0)
      aws-sigv4 (~> 1.1)
    aws-sdk-glue (1.26.0)
      aws-sdk-core (~> 3, >= 3.47.0)
      aws-sigv4 (~> 1.1)
    aws-sdk-greengrass (1.14.0)
      aws-sdk-core (~> 3, >= 3.47.0)
      aws-sigv4 (~> 1.1)
    aws-sdk-guardduty (1.12.0)
      aws-sdk-core (~> 3, >= 3.47.0)
      aws-sigv4 (~> 1.1)
    aws-sdk-health (1.10.0)
      aws-sdk-core (~> 3, >= 3.47.0)
      aws-sigv4 (~> 1.1)
    aws-sdk-iam (1.14.0)
      aws-sdk-core (~> 3, >= 3.47.0)
      aws-sigv4 (~> 1.1)
    aws-sdk-importexport (1.7.0)
      aws-sdk-core (~> 3, >= 3.47.0)
      aws-sigv2 (~> 1.0)
    aws-sdk-inspector (1.13.0)
      aws-sdk-core (~> 3, >= 3.47.0)
      aws-sigv4 (~> 1.1)
    aws-sdk-iot (1.26.0)
      aws-sdk-core (~> 3, >= 3.47.0)
      aws-sigv4 (~> 1.1)
    aws-sdk-iot1clickdevicesservice (1.7.0)
      aws-sdk-core (~> 3, >= 3.47.0)
      aws-sigv4 (~> 1.1)
    aws-sdk-iot1clickprojects (1.7.0)
      aws-sdk-core (~> 3, >= 3.47.0)
      aws-sigv4 (~> 1.1)
    aws-sdk-iotanalytics (1.13.0)
      aws-sdk-core (~> 3, >= 3.47.0)
      aws-sigv4 (~> 1.1)
    aws-sdk-iotdataplane (1.7.0)
      aws-sdk-core (~> 3, >= 3.47.0)
      aws-sigv4 (~> 1.1)
    aws-sdk-iotjobsdataplane (1.8.0)
      aws-sdk-core (~> 3, >= 3.47.0)
      aws-sigv4 (~> 1.1)
    aws-sdk-kafka (1.1.0)
      aws-sdk-core (~> 3, >= 3.47.0)
      aws-sigv4 (~> 1.1)
    aws-sdk-kinesis (1.10.0)
      aws-sdk-core (~> 3, >= 3.47.0)
      aws-sigv4 (~> 1.1)
    aws-sdk-kinesisanalytics (1.10.0)
      aws-sdk-core (~> 3, >= 3.47.0)
      aws-sigv4 (~> 1.1)
    aws-sdk-kinesisanalyticsv2 (1.1.0)
      aws-sdk-core (~> 3, >= 3.47.0)
      aws-sigv4 (~> 1.1)
    aws-sdk-kinesisvideo (1.10.0)
      aws-sdk-core (~> 3, >= 3.47.0)
      aws-sigv4 (~> 1.1)
    aws-sdk-kinesisvideoarchivedmedia (1.9.0)
      aws-sdk-core (~> 3, >= 3.47.0)
      aws-sigv4 (~> 1.1)
    aws-sdk-kinesisvideomedia (1.8.0)
      aws-sdk-core (~> 3, >= 3.47.0)
      aws-sigv4 (~> 1.1)
    aws-sdk-kms (1.14.0)
      aws-sdk-core (~> 3, >= 3.47.0)
      aws-sigv4 (~> 1.1)
    aws-sdk-lambda (1.19.0)
      aws-sdk-core (~> 3, >= 3.47.0)
      aws-sigv4 (~> 1.1)
    aws-sdk-lambdapreview (1.7.0)
      aws-sdk-core (~> 3, >= 3.47.0)
      aws-sigv4 (~> 1.1)
    aws-sdk-lex (1.10.0)
      aws-sdk-core (~> 3, >= 3.47.0)
      aws-sigv4 (~> 1.1)
    aws-sdk-lexmodelbuildingservice (1.13.0)
      aws-sdk-core (~> 3, >= 3.47.0)
      aws-sigv4 (~> 1.1)
    aws-sdk-licensemanager (1.1.0)
      aws-sdk-core (~> 3, >= 3.47.0)
      aws-sigv4 (~> 1.1)
    aws-sdk-lightsail (1.15.0)
      aws-sdk-core (~> 3, >= 3.47.0)
      aws-sigv4 (~> 1.1)
    aws-sdk-machinelearning (1.7.0)
      aws-sdk-core (~> 3, >= 3.47.0)
      aws-sigv4 (~> 1.1)
    aws-sdk-macie (1.7.0)
      aws-sdk-core (~> 3, >= 3.47.0)
      aws-sigv4 (~> 1.1)
    aws-sdk-marketplacecommerceanalytics (1.7.0)
      aws-sdk-core (~> 3, >= 3.47.0)
      aws-sigv4 (~> 1.1)
    aws-sdk-marketplaceentitlementservice (1.7.0)
      aws-sdk-core (~> 3, >= 3.47.0)
      aws-sigv4 (~> 1.1)
    aws-sdk-marketplacemetering (1.8.0)
      aws-sdk-core (~> 3, >= 3.47.0)
      aws-sigv4 (~> 1.1)
    aws-sdk-mediaconnect (1.2.0)
      aws-sdk-core (~> 3, >= 3.47.0)
      aws-sigv4 (~> 1.1)
    aws-sdk-mediaconvert (1.21.0)
      aws-sdk-core (~> 3, >= 3.47.0)
      aws-sigv4 (~> 1.1)
    aws-sdk-medialive (1.24.0)
      aws-sdk-core (~> 3, >= 3.47.0)
      aws-sigv4 (~> 1.1)
    aws-sdk-mediapackage (1.13.0)
      aws-sdk-core (~> 3, >= 3.47.0)
      aws-sigv4 (~> 1.1)
    aws-sdk-mediastore (1.10.0)
      aws-sdk-core (~> 3, >= 3.47.0)
      aws-sigv4 (~> 1.1)
    aws-sdk-mediastoredata (1.9.0)
      aws-sdk-core (~> 3, >= 3.47.0)
      aws-sigv4 (~> 1.1)
    aws-sdk-mediatailor (1.11.0)
      aws-sdk-core (~> 3, >= 3.47.0)
      aws-sigv4 (~> 1.1)
    aws-sdk-migrationhub (1.9.0)
      aws-sdk-core (~> 3, >= 3.47.0)
      aws-sigv4 (~> 1.1)
    aws-sdk-mobile (1.7.0)
      aws-sdk-core (~> 3, >= 3.47.0)
      aws-sigv4 (~> 1.1)
    aws-sdk-mq (1.10.0)
      aws-sdk-core (~> 3, >= 3.47.0)
      aws-sigv4 (~> 1.1)
    aws-sdk-mturk (1.10.0)
      aws-sdk-core (~> 3, >= 3.47.0)
      aws-sigv4 (~> 1.1)
    aws-sdk-neptune (1.8.0)
      aws-sdk-core (~> 3, >= 3.47.0)
      aws-sigv4 (~> 1.1)
    aws-sdk-opsworks (1.10.0)
      aws-sdk-core (~> 3, >= 3.47.0)
      aws-sigv4 (~> 1.1)
    aws-sdk-opsworkscm (1.13.0)
      aws-sdk-core (~> 3, >= 3.47.0)
      aws-sigv4 (~> 1.1)
    aws-sdk-organizations (1.20.0)
      aws-sdk-core (~> 3, >= 3.47.0)
      aws-sigv4 (~> 1.1)
    aws-sdk-pi (1.7.0)
      aws-sdk-core (~> 3, >= 3.47.0)
      aws-sigv4 (~> 1.1)
    aws-sdk-pinpoint (1.17.0)
      aws-sdk-core (~> 3, >= 3.47.0)
      aws-sigv4 (~> 1.1)
    aws-sdk-pinpointemail (1.3.0)
      aws-sdk-core (~> 3, >= 3.47.0)
      aws-sigv4 (~> 1.1)
    aws-sdk-pinpointsmsvoice (1.4.0)
      aws-sdk-core (~> 3, >= 3.47.0)
      aws-sigv4 (~> 1.1)
    aws-sdk-polly (1.16.0)
      aws-sdk-core (~> 3, >= 3.47.0)
      aws-sigv4 (~> 1.1)
    aws-sdk-pricing (1.7.0)
      aws-sdk-core (~> 3, >= 3.47.0)
      aws-sigv4 (~> 1.1)
    aws-sdk-quicksight (1.3.0)
      aws-sdk-core (~> 3, >= 3.47.0)
      aws-sigv4 (~> 1.1)
    aws-sdk-ram (1.2.0)
      aws-sdk-core (~> 3, >= 3.47.0)
      aws-sigv4 (~> 1.1)
    aws-sdk-rds (1.45.0)
      aws-sdk-core (~> 3, >= 3.47.0)
      aws-sigv4 (~> 1.1)
    aws-sdk-rdsdataservice (1.2.0)
      aws-sdk-core (~> 3, >= 3.47.0)
      aws-sigv4 (~> 1.1)
    aws-sdk-redshift (1.19.0)
      aws-sdk-core (~> 3, >= 3.47.0)
      aws-sigv4 (~> 1.1)
    aws-sdk-rekognition (1.20.0)
      aws-sdk-core (~> 3, >= 3.47.0)
      aws-sigv4 (~> 1.1)
    aws-sdk-resourcegroups (1.11.0)
      aws-sdk-core (~> 3, >= 3.47.0)
      aws-sigv4 (~> 1.1)
    aws-sdk-resourcegroupstaggingapi (1.7.0)
      aws-sdk-core (~> 3, >= 3.47.0)
      aws-sigv4 (~> 1.1)
    aws-sdk-resources (3.40.0)
      aws-sdk-acm (~> 1)
      aws-sdk-acmpca (~> 1)
      aws-sdk-alexaforbusiness (~> 1)
      aws-sdk-amplify (~> 1)
      aws-sdk-apigateway (~> 1)
      aws-sdk-apigatewaymanagementapi (~> 1)
      aws-sdk-apigatewayv2 (~> 1)
      aws-sdk-applicationautoscaling (~> 1)
      aws-sdk-applicationdiscoveryservice (~> 1)
      aws-sdk-appmesh (~> 1)
      aws-sdk-appstream (~> 1)
      aws-sdk-appsync (~> 1)
      aws-sdk-athena (~> 1)
      aws-sdk-autoscaling (~> 1)
      aws-sdk-autoscalingplans (~> 1)
      aws-sdk-backup (~> 1)
      aws-sdk-batch (~> 1)
      aws-sdk-budgets (~> 1)
      aws-sdk-chime (~> 1)
      aws-sdk-cloud9 (~> 1)
      aws-sdk-clouddirectory (~> 1)
      aws-sdk-cloudformation (~> 1)
      aws-sdk-cloudfront (~> 1)
      aws-sdk-cloudhsm (~> 1)
      aws-sdk-cloudhsmv2 (~> 1)
      aws-sdk-cloudsearch (~> 1)
      aws-sdk-cloudsearchdomain (~> 1)
      aws-sdk-cloudtrail (~> 1)
      aws-sdk-cloudwatch (~> 1)
      aws-sdk-cloudwatchevents (~> 1)
      aws-sdk-cloudwatchlogs (~> 1)
      aws-sdk-codebuild (~> 1)
      aws-sdk-codecommit (~> 1)
      aws-sdk-codedeploy (~> 1)
      aws-sdk-codepipeline (~> 1)
      aws-sdk-codestar (~> 1)
      aws-sdk-cognitoidentity (~> 1)
      aws-sdk-cognitoidentityprovider (~> 1)
      aws-sdk-cognitosync (~> 1)
      aws-sdk-comprehend (~> 1)
      aws-sdk-comprehendmedical (~> 1)
      aws-sdk-configservice (~> 1)
      aws-sdk-connect (~> 1)
      aws-sdk-costandusagereportservice (~> 1)
      aws-sdk-costexplorer (~> 1)
      aws-sdk-databasemigrationservice (~> 1)
      aws-sdk-datapipeline (~> 1)
      aws-sdk-datasync (~> 1)
      aws-sdk-dax (~> 1)
      aws-sdk-devicefarm (~> 1)
      aws-sdk-directconnect (~> 1)
      aws-sdk-directoryservice (~> 1)
      aws-sdk-dlm (~> 1)
      aws-sdk-docdb (~> 1)
      aws-sdk-dynamodb (~> 1)
      aws-sdk-dynamodbstreams (~> 1)
      aws-sdk-ec2 (~> 1)
      aws-sdk-ecr (~> 1)
      aws-sdk-ecs (~> 1)
      aws-sdk-efs (~> 1)
      aws-sdk-eks (~> 1)
      aws-sdk-elasticache (~> 1)
      aws-sdk-elasticbeanstalk (~> 1)
      aws-sdk-elasticloadbalancing (~> 1)
      aws-sdk-elasticloadbalancingv2 (~> 1)
      aws-sdk-elasticsearchservice (~> 1)
      aws-sdk-elastictranscoder (~> 1)
      aws-sdk-emr (~> 1)
      aws-sdk-firehose (~> 1)
      aws-sdk-fms (~> 1)
      aws-sdk-fsx (~> 1)
      aws-sdk-gamelift (~> 1)
      aws-sdk-glacier (~> 1)
      aws-sdk-globalaccelerator (~> 1)
      aws-sdk-glue (~> 1)
      aws-sdk-greengrass (~> 1)
      aws-sdk-guardduty (~> 1)
      aws-sdk-health (~> 1)
      aws-sdk-iam (~> 1)
      aws-sdk-importexport (~> 1)
      aws-sdk-inspector (~> 1)
      aws-sdk-iot (~> 1)
      aws-sdk-iot1clickdevicesservice (~> 1)
      aws-sdk-iot1clickprojects (~> 1)
      aws-sdk-iotanalytics (~> 1)
      aws-sdk-iotdataplane (~> 1)
      aws-sdk-iotjobsdataplane (~> 1)
      aws-sdk-kafka (~> 1)
      aws-sdk-kinesis (~> 1)
      aws-sdk-kinesisanalytics (~> 1)
      aws-sdk-kinesisanalyticsv2 (~> 1)
      aws-sdk-kinesisvideo (~> 1)
      aws-sdk-kinesisvideoarchivedmedia (~> 1)
      aws-sdk-kinesisvideomedia (~> 1)
      aws-sdk-kms (~> 1)
      aws-sdk-lambda (~> 1)
      aws-sdk-lambdapreview (~> 1)
      aws-sdk-lex (~> 1)
      aws-sdk-lexmodelbuildingservice (~> 1)
      aws-sdk-licensemanager (~> 1)
      aws-sdk-lightsail (~> 1)
      aws-sdk-machinelearning (~> 1)
      aws-sdk-macie (~> 1)
      aws-sdk-marketplacecommerceanalytics (~> 1)
      aws-sdk-marketplaceentitlementservice (~> 1)
      aws-sdk-marketplacemetering (~> 1)
      aws-sdk-mediaconnect (~> 1)
      aws-sdk-mediaconvert (~> 1)
      aws-sdk-medialive (~> 1)
      aws-sdk-mediapackage (~> 1)
      aws-sdk-mediastore (~> 1)
      aws-sdk-mediastoredata (~> 1)
      aws-sdk-mediatailor (~> 1)
      aws-sdk-migrationhub (~> 1)
      aws-sdk-mobile (~> 1)
      aws-sdk-mq (~> 1)
      aws-sdk-mturk (~> 1)
      aws-sdk-neptune (~> 1)
      aws-sdk-opsworks (~> 1)
      aws-sdk-opsworkscm (~> 1)
      aws-sdk-organizations (~> 1)
      aws-sdk-pi (~> 1)
      aws-sdk-pinpoint (~> 1)
      aws-sdk-pinpointemail (~> 1)
      aws-sdk-pinpointsmsvoice (~> 1)
      aws-sdk-polly (~> 1)
      aws-sdk-pricing (~> 1)
      aws-sdk-quicksight (~> 1)
      aws-sdk-ram (~> 1)
      aws-sdk-rds (~> 1)
      aws-sdk-rdsdataservice (~> 1)
      aws-sdk-redshift (~> 1)
      aws-sdk-rekognition (~> 1)
      aws-sdk-resourcegroups (~> 1)
      aws-sdk-resourcegroupstaggingapi (~> 1)
      aws-sdk-robomaker (~> 1)
      aws-sdk-route53 (~> 1)
      aws-sdk-route53domains (~> 1)
      aws-sdk-route53resolver (~> 1)
      aws-sdk-s3 (~> 1)
      aws-sdk-s3control (~> 1)
      aws-sdk-sagemaker (~> 1)
      aws-sdk-sagemakerruntime (~> 1)
      aws-sdk-secretsmanager (~> 1)
      aws-sdk-securityhub (~> 1)
      aws-sdk-serverlessapplicationrepository (~> 1)
      aws-sdk-servicecatalog (~> 1)
      aws-sdk-servicediscovery (~> 1)
      aws-sdk-ses (~> 1)
      aws-sdk-shield (~> 1)
      aws-sdk-signer (~> 1)
      aws-sdk-simpledb (~> 1)
      aws-sdk-sms (~> 1)
      aws-sdk-snowball (~> 1)
      aws-sdk-sns (~> 1)
      aws-sdk-sqs (~> 1)
      aws-sdk-ssm (~> 1)
      aws-sdk-states (~> 1)
      aws-sdk-storagegateway (~> 1)
      aws-sdk-support (~> 1)
      aws-sdk-swf (~> 1)
      aws-sdk-textract (~> 1)
      aws-sdk-transcribeservice (~> 1)
      aws-sdk-transfer (~> 1)
      aws-sdk-translate (~> 1)
      aws-sdk-waf (~> 1)
      aws-sdk-wafregional (~> 1)
      aws-sdk-workdocs (~> 1)
      aws-sdk-worklink (~> 1)
      aws-sdk-workmail (~> 1)
      aws-sdk-workspaces (~> 1)
      aws-sdk-xray (~> 1)
    aws-sdk-robomaker (1.2.0)
      aws-sdk-core (~> 3, >= 3.47.0)
      aws-sigv4 (~> 1.1)
    aws-sdk-route53 (1.18.0)
      aws-sdk-core (~> 3, >= 3.47.0)
      aws-sigv4 (~> 1.1)
    aws-sdk-route53domains (1.9.0)
      aws-sdk-core (~> 3, >= 3.47.0)
      aws-sigv4 (~> 1.1)
    aws-sdk-route53resolver (1.2.0)
      aws-sdk-core (~> 3, >= 3.47.0)
      aws-sigv4 (~> 1.1)
    aws-sdk-s3 (1.32.0)
      aws-sdk-core (~> 3, >= 3.47.0)
      aws-sdk-kms (~> 1)
      aws-sigv4 (~> 1.0)
    aws-sdk-s3control (1.2.0)
      aws-sdk-core (~> 3, >= 3.47.0)
      aws-sigv4 (~> 1.0)
    aws-sdk-sagemaker (1.30.0)
      aws-sdk-core (~> 3, >= 3.47.0)
      aws-sigv4 (~> 1.1)
    aws-sdk-sagemakerruntime (1.8.0)
      aws-sdk-core (~> 3, >= 3.47.0)
      aws-sigv4 (~> 1.1)
    aws-sdk-secretsmanager (1.22.0)
      aws-sdk-core (~> 3, >= 3.47.0)
      aws-sigv4 (~> 1.1)
    aws-sdk-securityhub (1.1.0)
      aws-sdk-core (~> 3, >= 3.47.0)
      aws-sigv4 (~> 1.1)
    aws-sdk-serverlessapplicationrepository (1.13.0)
      aws-sdk-core (~> 3, >= 3.47.0)
      aws-sigv4 (~> 1.1)
    aws-sdk-servicecatalog (1.17.0)
      aws-sdk-core (~> 3, >= 3.47.0)
      aws-sigv4 (~> 1.1)
    aws-sdk-servicediscovery (1.10.0)
      aws-sdk-core (~> 3, >= 3.47.0)
      aws-sigv4 (~> 1.1)
    aws-sdk-ses (1.15.0)
      aws-sdk-core (~> 3, >= 3.47.0)
      aws-sigv4 (~> 1.1)
    aws-sdk-shield (1.11.0)
      aws-sdk-core (~> 3, >= 3.47.0)
      aws-sigv4 (~> 1.1)
    aws-sdk-signer (1.6.0)
      aws-sdk-core (~> 3, >= 3.47.0)
      aws-sigv4 (~> 1.1)
    aws-sdk-simpledb (1.7.0)
      aws-sdk-core (~> 3, >= 3.47.0)
      aws-sigv2 (~> 1.0)
    aws-sdk-sms (1.8.0)
      aws-sdk-core (~> 3, >= 3.47.0)
      aws-sigv4 (~> 1.1)
    aws-sdk-snowball (1.12.0)
      aws-sdk-core (~> 3, >= 3.47.0)
      aws-sigv4 (~> 1.1)
    aws-sdk-sns (1.10.0)
      aws-sdk-core (~> 3, >= 3.47.0)
      aws-sigv4 (~> 1.1)
    aws-sdk-sqs (1.11.0)
      aws-sdk-core (~> 3, >= 3.47.0)
      aws-sigv4 (~> 1.1)
    aws-sdk-ssm (1.39.0)
      aws-sdk-core (~> 3, >= 3.47.0)
      aws-sigv4 (~> 1.1)
    aws-sdk-states (1.12.0)
      aws-sdk-core (~> 3, >= 3.47.0)
      aws-sigv4 (~> 1.1)
    aws-sdk-storagegateway (1.16.0)
      aws-sdk-core (~> 3, >= 3.47.0)
      aws-sigv4 (~> 1.1)
    aws-sdk-support (1.7.0)
      aws-sdk-core (~> 3, >= 3.47.0)
      aws-sigv4 (~> 1.1)
    aws-sdk-swf (1.7.0)
      aws-sdk-core (~> 3, >= 3.47.0)
      aws-sigv4 (~> 1.1)
    aws-sdk-textract (1.1.0)
      aws-sdk-core (~> 3, >= 3.47.0)
      aws-sigv4 (~> 1.1)
    aws-sdk-transcribeservice (1.14.0)
      aws-sdk-core (~> 3, >= 3.47.0)
      aws-sigv4 (~> 1.1)
    aws-sdk-transfer (1.2.0)
      aws-sdk-core (~> 3, >= 3.47.0)
      aws-sigv4 (~> 1.1)
    aws-sdk-translate (1.9.0)
      aws-sdk-core (~> 3, >= 3.47.0)
      aws-sigv4 (~> 1.1)
    aws-sdk-waf (1.14.0)
      aws-sdk-core (~> 3, >= 3.47.0)
      aws-sigv4 (~> 1.1)
    aws-sdk-wafregional (1.15.0)
      aws-sdk-core (~> 3, >= 3.47.0)
      aws-sigv4 (~> 1.1)
    aws-sdk-workdocs (1.10.0)
      aws-sdk-core (~> 3, >= 3.47.0)
      aws-sigv4 (~> 1.1)
    aws-sdk-worklink (1.1.0)
      aws-sdk-core (~> 3, >= 3.47.0)
      aws-sigv4 (~> 1.1)
    aws-sdk-workmail (1.8.0)
      aws-sdk-core (~> 3, >= 3.47.0)
      aws-sigv4 (~> 1.1)
    aws-sdk-workspaces (1.13.0)
      aws-sdk-core (~> 3, >= 3.47.0)
      aws-sigv4 (~> 1.1)
    aws-sdk-xray (1.11.0)
      aws-sdk-core (~> 3, >= 3.47.0)
      aws-sigv4 (~> 1.1)
    aws-sigv2 (1.0.1)
    aws-sigv4 (1.1.0)
      aws-eventstream (~> 1.0, >= 1.0.2)
    backports (3.12.0)
    bcrypt (3.1.12)
    better_errors (2.5.1)
      coderay (>= 1.0.0)
      erubi (>= 1.0.0)
      rack (>= 0.9.0)
    binding_of_caller (0.8.0)
      debug_inspector (>= 0.0.1)
    bootstrap-datepicker-rails (1.8.0.1)
      railties (>= 3.0)
    builder (3.2.3)
    capybara (2.18.0)
      addressable
      mini_mime (>= 0.1.3)
      nokogiri (>= 1.3.3)
      rack (>= 1.0.0)
      rack-test (>= 0.5.4)
      xpath (>= 2.0, < 4.0)
    chartkick (3.0.2)
    childprocess (0.9.0)
      ffi (~> 1.0, >= 1.0.11)
    cliver (0.3.2)
    coderay (1.1.2)
    coffee-rails (4.0.1)
      coffee-script (>= 2.2.0)
      railties (>= 4.0.0, < 5.0)
    coffee-script (2.4.1)
      coffee-script-source
      execjs
    coffee-script-source (1.12.2)
    concurrent-ruby (1.1.5)
    coveralls (0.8.22)
      json (>= 1.8, < 3)
      simplecov (~> 0.16.1)
      term-ansicolor (~> 1.3)
      thor (~> 0.19.4)
      tins (~> 1.6)
    crack (0.4.3)
      safe_yaml (~> 1.0.0)
    database_cleaner (1.7.0)
    debug_inspector (0.0.3)
    devise (4.6.1)
      bcrypt (~> 3.0)
      orm_adapter (~> 0.1)
      railties (>= 4.1.0, < 6.0)
      responders
      warden (~> 1.2.3)
    diff-lcs (1.3)
    docile (1.3.1)
    dotenv (2.7.1)
    dotenv-rails (2.7.1)
      dotenv (= 2.7.1)
      railties (>= 3.2, < 6.1)
    erubi (1.8.0)
    erubis (2.7.0)
    ethon (0.12.0)
      ffi (>= 1.3.0)
    execjs (2.7.0)
    factory_girl (4.9.0)
      activesupport (>= 3.0.0)
    factory_girl_rails (4.9.0)
      factory_girl (~> 4.9.0)
      railties (>= 3.0.0)
    faker (1.9.3)
      i18n (>= 0.7)
    faraday (0.9.2)
      multipart-post (>= 1.2, < 3)
    faraday_middleware (0.9.2)
      faraday (>= 0.7.4, < 0.10)
    ffi (1.9.25)
    figaro (1.1.1)
      thor (~> 0.14)
    font-awesome-rails (4.7.0.4)
      railties (>= 3.2, < 6.0)
    formatador (0.2.5)
    formtastic (3.1.5)
      actionpack (>= 3.2.13)
    formtastic-bootstrap (3.1.1)
      formtastic (>= 3.0)
    geocoder (1.5.1)
    geokit (1.13.1)
    gh (0.15.1)
      addressable (~> 2.4.0)
      backports
      faraday (~> 0.8)
      multi_json (~> 1.0)
      net-http-persistent (~> 2.9)
      net-http-pipeline
    google-analytics-rails (1.1.1)
    guard (2.15.0)
      formatador (>= 0.2.4)
      listen (>= 2.7, < 4.0)
      lumberjack (>= 1.0.12, < 2.0)
      nenv (~> 0.1)
      notiffany (~> 0.0)
      pry (>= 0.9.12)
      shellany (~> 0.0)
      thor (>= 0.18.1)
    guard-compat (1.2.1)
    guard-rspec (4.7.3)
      guard (~> 2.1)
      guard-compat (~> 1.1)
      rspec (>= 2.99.0, < 4.0)
    guard-spork (2.1.0)
      childprocess (>= 0.2.3)
      guard (~> 2.0)
      guard-compat (~> 1.0)
      spork (>= 0.8.4)
    hashdiff (0.3.8)
    hashery (2.1.2)
    highline (1.7.10)
    hike (1.2.3)
    http-2 (0.10.1)
    httparty (0.16.4)
      mime-types (~> 3.0)
      multi_xml (>= 0.5.2)
    i18n (0.9.5)
      concurrent-ruby (~> 1.0)
    jaro_winkler (1.5.2)
    jmespath (1.4.0)
    jquery-rails (3.1.5)
      railties (>= 3.0, < 5.0)
      thor (>= 0.14, < 2.0)
    jquery-ui-rails (6.0.1)
      railties (>= 3.2.16)
    json (1.8.6)
    launchy (2.4.3)
      addressable (~> 2.3)
    letter_opener (1.7.0)
      launchy (~> 2.2)
    listen (3.1.5)
      rb-fsevent (~> 0.9, >= 0.9.4)
      rb-inotify (~> 0.9, >= 0.9.7)
      ruby_dep (~> 1.2)
    lograge (0.10.0)
      actionpack (>= 4)
      activesupport (>= 4)
      railties (>= 4)
      request_store (~> 1.0)
    lumberjack (1.0.13)
    mail (2.7.1)
      mini_mime (>= 0.1.1)
    method_source (0.8.2)
    mime-types (3.2.2)
      mime-types-data (~> 3.2015)
    mime-types-data (3.2018.0812)
    mini_mime (1.0.1)
    mini_portile2 (2.4.0)
    minitest (5.11.3)
    mixpanel-ruby (2.2.1)
    multi_json (1.13.1)
    multi_xml (0.6.0)
    multipart-post (2.0.0)
    nenv (0.3.0)
    net-http-persistent (2.9.4)
    net-http-pipeline (1.0.1)
    nokogiri (1.10.1)
      mini_portile2 (~> 2.4.0)
    notiffany (0.1.1)
      nenv (~> 0.1)
      shellany (~> 0.0)
    oauth (0.5.4)
    orm_adapter (0.5.0)
    parallel (1.14.0)
    parser (2.6.0.0)
      ast (~> 2.4.0)
    pdf-inspector (1.3.0)
      pdf-reader (>= 1.0, < 3.0.a)
    pdf-reader (2.2.0)
      Ascii85 (~> 1.0.0)
      afm (~> 0.2.1)
      hashery (~> 2.0)
      ruby-rc4
      ttfunk
    pg (1.1.4)
    poltergeist (1.18.1)
      capybara (>= 2.1, < 4)
      cliver (~> 0.3.1)
      websocket-driver (>= 0.2.0)
    powerpack (0.1.2)
    pry (0.10.4)
      coderay (~> 1.1.0)
      method_source (~> 0.8.1)
      slop (~> 3.4)
    pry-nav (0.2.4)
      pry (>= 0.9.10, < 0.11.0)
    psych (2.0.5)
    puma (3.12.0)
    pusher-client (0.6.2)
      json
      websocket (~> 1.0)
    quiet_assets (1.1.0)
      railties (>= 3.1, < 5.0)
    rabl (0.14.0)
      activesupport (>= 2.3.14)
    rack (1.5.5)
    rack-test (0.6.3)
      rack (>= 1.0)
    rack-timeout (0.5.1)
    rails (4.1.16)
      actionmailer (= 4.1.16)
      actionpack (= 4.1.16)
      actionview (= 4.1.16)
      activemodel (= 4.1.16)
      activerecord (= 4.1.16)
      activesupport (= 4.1.16)
      bundler (>= 1.3.0, < 2.0)
      railties (= 4.1.16)
      sprockets-rails (~> 2.0)
    rails_12factor (0.0.3)
      rails_serve_static_assets
      rails_stdout_logging
    rails_layout (1.0.42)
    rails_serve_static_assets (0.0.5)
    rails_stdout_logging (0.0.5)
    railties (4.1.16)
      actionpack (= 4.1.16)
      activesupport (= 4.1.16)
      rake (>= 0.8.7)
      thor (>= 0.18.1, < 2.0)
    rainbow (3.0.0)
    rake (12.3.2)
    rb-fsevent (0.10.3)
    rb-inotify (0.10.0)
      ffi (~> 1.0)
    rbtree3 (0.5.0)
    request_store (1.4.1)
      rack (>= 1.4)
    responders (1.1.2)
      railties (>= 3.2, < 4.2)
    rspec (3.8.0)
      rspec-core (~> 3.8.0)
      rspec-expectations (~> 3.8.0)
      rspec-mocks (~> 3.8.0)
    rspec-core (3.8.0)
      rspec-support (~> 3.8.0)
    rspec-expectations (3.8.2)
      diff-lcs (>= 1.2.0, < 2.0)
      rspec-support (~> 3.8.0)
    rspec-mocks (3.8.0)
      diff-lcs (>= 1.2.0, < 2.0)
      rspec-support (~> 3.8.0)
    rspec-rails (3.8.2)
      actionpack (>= 3.0)
      activesupport (>= 3.0)
      railties (>= 3.0)
      rspec-core (~> 3.8.0)
      rspec-expectations (~> 3.8.0)
      rspec-mocks (~> 3.8.0)
      rspec-support (~> 3.8.0)
    rspec-support (3.8.0)
    rubocop (0.64.0)
      jaro_winkler (~> 1.5.1)
      parallel (~> 1.10)
      parser (>= 2.5, != 2.5.1.1)
      powerpack (~> 0.1)
      rainbow (>= 2.2.2, < 4.0)
      ruby-progressbar (~> 1.7)
      unicode-display_width (~> 1.4.0)
    ruby-progressbar (1.10.0)
    ruby-rc4 (0.1.5)
    ruby_dep (1.5.0)
    rubyzip (1.2.2)
    safe_yaml (1.0.5)
    sass (3.2.19)
    sass-rails (4.0.5)
      railties (>= 4.0.0, < 5.0)
      sass (~> 3.2.2)
      sprockets (~> 2.8, < 3.0)
      sprockets-rails (~> 2.0)
    select2-rails (4.0.3)
      thor (~> 0.14)
    selenium-webdriver (3.141.0)
      childprocess (~> 0.5)
      rubyzip (~> 1.2, >= 1.2.2)
    shellany (0.0.1)
    simple_oauth (0.3.1)
    simplecov (0.16.1)
      docile (~> 1.1)
      json (>= 1.8, < 3)
      simplecov-html (~> 0.10.0)
    simplecov-html (0.10.2)
    slop (3.6.0)
    spork (1.0.0rc4)
    spork-rails (4.0.0)
      rails (>= 3.0.0, < 5)
      spork (>= 1.0rc0)
    spring (1.7.2)
    spring-commands-rspec (1.0.4)
      spring (>= 0.9.1)
    sprockets (2.12.5)
      hike (~> 1.2)
      multi_json (~> 1.0)
      rack (~> 1.0)
      tilt (~> 1.1, != 1.3.0)
    sprockets-rails (2.3.3)
      actionpack (>= 3.0)
      activesupport (>= 3.0)
      sprockets (>= 2.8, < 4.0)
    stripe (3.3.2)
      faraday (~> 0.9)
    term-ansicolor (1.7.1)
      tins (~> 1.0)
    thor (0.19.4)
    thread_safe (0.3.6)
    tilt (1.4.1)
    timecop (0.9.1)
    tins (1.20.2)
    travis (1.8.9)
      backports
      faraday (~> 0.9)
      faraday_middleware (~> 0.9, >= 0.9.1)
      gh (~> 0.13)
      highline (~> 1.6)
      launchy (~> 2.1)
      pusher-client (~> 0.4)
      typhoeus (~> 0.6, >= 0.6.8)
    ttfunk (1.5.1)
    tumblr_client (0.8.5)
      faraday (~> 0.9.0)
      faraday_middleware (~> 0.9.0)
      json
      mime-types
      oauth
      simple_oauth
    typhoeus (0.8.0)
      ethon (>= 0.8.0)
    tzinfo (1.2.5)
      thread_safe (~> 0.1)
    uglifier (4.1.20)
      execjs (>= 0.3.0, < 3)
    unicode-display_width (1.4.1)
    vcr (4.0.0)
    warden (1.2.7)
      rack (>= 1.0)
    webmock (3.5.1)
      addressable (>= 2.3.6)
      crack (>= 0.3.2)
      hashdiff
    websocket (1.2.8)
    websocket-driver (0.7.0)
      websocket-extensions (>= 0.1.0)
    websocket-extensions (0.1.3)
    wicked_pdf (1.1.0)
    will_paginate (3.1.6)
    wkhtmltopdf-binary (0.12.4)
    xpath (3.2.0)
      nokogiri (~> 1.8)
    yajl-ruby (1.4.1)
    zip (2.0.2)

PLATFORMS
  ruby

DEPENDENCIES
  airbrake
  aws-sdk
  better_errors
  binding_of_caller
  bootstrap-datepicker-rails
  capybara (~> 2.13)
  chartkick
  coffee-rails (~> 4.0.0)
  coveralls
  database_cleaner
  devise
  dotenv-rails (~> 2.7.1)
  factory_girl_rails
  faker
  ffi (~> 1.9.24)
  figaro
  font-awesome-rails
  formtastic
  formtastic-bootstrap
  geocoder
  geokit
  google-analytics-rails
  guard-rspec (= 4.7.3)
  guard-spork
  httparty
  jquery-rails
  jquery-ui-rails
  json
  launchy
  letter_opener
  lograge
  mixpanel-ruby
  nokogiri
  pdf-inspector
  pg
  poltergeist
  pry-nav
  psych (= 2.0.5)
  puma
  quiet_assets
  rabl
  rack-timeout
  rails (= 4.1.16)
  rails_12factor
  rails_layout
  rspec-rails (~> 3.1)
  rubocop
  sass-rails (~> 4.0.0)
  select2-rails
  selenium-webdriver
  simplecov
  spork-rails
  spring
  spring-commands-rspec
  stripe
  timecop
  travis
  tumblr_client
  tzinfo
  uglifier (>= 1.3.0)
  vcr
  webmock
  wicked_pdf
  will_paginate
  wkhtmltopdf-binary
  yajl-ruby
  zip

RUBY VERSION
   ruby 2.3.1p112

BUNDLED WITH
   1.16.1
